GEM
  remote: https://rubygems.org/
  specs:
    nokogiri (1.4.7)
    rack (1.6.0)
    rack-protection (1.5.3)
      rack
    sinatra (1.4.6)
      rack (~> 1.4)
      rack-protection (~> 1.4)
      tilt (>= 1.3, < 3)
    tilt (1.4.1)

PLATFORMS
  ruby

DEPENDENCIES
  nokogiri (~> 1.4.0)
  sinatra
